PATH
  remote: .
  specs:
    sidekiq-job-stats (0.1.3)
      get_process_mem
      sidekiq (>= 6)

GEM
  remote: https://rubygems.org/
  specs:
    concurrent-ruby (1.2.2)
    connection_pool (2.4.1)
    ffi (1.15.5)
    get_process_mem (0.2.7)
      ffi (~> 1.0)
    rack (2.2.7)
    rake (13.0.6)
    redis-client (0.17.0)
      connection_pool
    sidekiq (7.1.5)
      concurrent-ruby (< 2)
      connection_pool (>= 2.3.0)
      rack (>= 2.2.4)
      redis-client (>= 0.14.0)

PLATFORMS
  arm64-darwin-21

DEPENDENCIES
  rake (~> 13.0)
  sidekiq-job-stats!

BUNDLED WITH
   2.4.10
